PATH
  remote: .
  specs:
    cloudprint (0.1.3)
      json
      oauth2 (~> 0.8.0)

GEM
  remote: http://rubygems.org/
  specs:
    faraday (0.9.0)
      multipart-post (>= 1.2, < 3)
    httpauth (0.2.1)
    json (1.8.1)
    jwt (0.1.11)
      multi_json (>= 1.5)
    metaclass (0.0.1)
    mocha (0.10.5)
      metaclass (~> 0.0.1)
    multi_json (1.9.0)
    multipart-post (2.0.0)
    oauth2 (0.8.1)
      faraday (~> 0.8)
      httpauth (~> 0.1)
      jwt (~> 0.1.4)
      multi_json (~> 1.0)
      rack (~> 1.2)
    rack (1.5.2)
    rake (0.9.2.2)
    shoulda-context (1.0.0)
    test-unit (2.4.8)

PLATFORMS
  ruby

DEPENDENCIES
  cloudprint!
  mocha
  rake
  shoulda-context
  test-unit
